GEM
  remote: http://ruby.taobao.org/
  specs:
    archive-tar-minitar (0.5.2)
    columnize (0.3.6)
    git (1.2.5)
    json (1.6.3)
    linecache19 (0.5.13)
      ruby_core_source (>= 0.1.4)
    rake (0.9.2.2)
    rdoc (3.12)
      json (~> 1.4)
    ruby-debug-base19 (0.11.25)
      columnize (>= 0.3.1)
      linecache19 (>= 0.5.11)
      ruby_core_source (>= 0.1.4)
    ruby-debug19 (0.11.6)
      columnize (>= 0.3.1)
      linecache19 (>= 0.5.11)
      ruby-debug-base19 (>= 0.11.19)
    ruby_core_source (0.1.5)
      archive-tar-minitar (>= 0.5.2)

PLATFORMS
  ruby

DEPENDENCIES
  bundler (~> 1.0)
  git (>= 1.2.5)
  json
  rake
  rdoc
  ruby-debug19
